GIT
  remote: https://github.com/sumoheavy/jira-ruby.git
  revision: 672f06b6b9c77025080e852eb0f753a1d21f6e26
  specs:
    jira-ruby (0.1.11)
      activesupport (~> 4.1.4)
      oauth (~> 0.4.7)

GEM
  remote: https://rubygems.org/
  specs:
    activesupport (4.1.16)
      i18n (~> 0.6, >= 0.6.9)
      json (~> 1.7, >= 1.7.7)
      minitest (~> 5.1)
      thread_safe (~> 0.1)
      tzinfo (~> 1.1)
    concurrent-ruby (1.1.7)
    highline (1.6.21)
    i18n (0.9.5)
      concurrent-ruby (~> 1.0)
    json (1.8.1)
    minitest (5.14.2)
    oauth (0.4.7)
    rb-appscript (0.6.1)
    thread_safe (0.3.6)
    trollop (2.0)
    tzinfo (1.2.8)
      thread_safe (~> 0.1)

PLATFORMS
  ruby

DEPENDENCIES
  highline
  jira-ruby!
  json
  rb-appscript
  trollop
